GEM
  remote: https://rubygems.org/
  specs:
    byebug (9.0.1)
    colorize (0.7.7)

PLATFORMS
  ruby

DEPENDENCIES
  byebug
  colorize

BUNDLED WITH
   1.11.2
